PATH
  remote: .
  specs:
    copperegg (0.5.2.1)

GEM
  remote: http://rubygems.org/
  specs:

PLATFORMS
  ruby

DEPENDENCIES
  copperegg!
