PATH
  remote: .
  specs:
    copperegg (0.0.0)

GEM
  remote: http://rubygems.org/
  specs:

PLATFORMS
  ruby

DEPENDENCIES
  copperegg!
