PATH
  remote: .
  specs:
    copperegg (0.5.3.pre)
      multi_json (>= 1.3.0)

GEM
  remote: http://rubygems.org/
  specs:
    multi_json (1.4.0)

PLATFORMS
  ruby

DEPENDENCIES
  copperegg!
